GEM
  remote: https://rubygems.org/
  specs:
    activemodel (4.2.9)
      activesupport (= 4.2.9)
      builder (~> 3.1)
    activesupport (4.2.9)
      i18n (~> 0.7)
      minitest (~> 5.1)
      thread_safe (~> 0.3, >= 0.3.4)
      tzinfo (~> 1.1)
    bson (1.12.5)
    bson_ext (1.12.5)
      bson (~> 1.12.5)
    builder (3.2.3)
    i18n (0.8.6)
    minitest (5.10.3)
    mongo (1.12.5)
      bson (= 1.12.5)
    mongo_mapper (0.14.0)
      activemodel (>= 3.0.0)
      activesupport (>= 3.0)
      mongo (~> 1.8)
      plucky (~> 0.7.0)
    plucky (0.7.0)
      mongo (~> 1.5)
    thread_safe (0.3.6)
    tzinfo (1.2.3)
      thread_safe (~> 0.1)

PLATFORMS
  ruby

DEPENDENCIES
  activemodel (< 5)
  bson_ext
  mongo_mapper

BUNDLED WITH
   1.15.4
